GEM
  remote: http://rubygems.org/
  specs:
    bouncy-castle-java (1.5.0146.1)
    diff-lcs (1.1.3)
    jruby-openssl (0.7.7)
      bouncy-castle-java (>= 1.5.0146.1)
    rake (0.9.2.2)
    rspec-expectations (2.10.0)
      diff-lcs (~> 1.1.3)
    ruby-debug-base (0.10.4-java)
    ruby-debug-ide (0.4.17.beta9)
      rake (>= 0.8.1)
    term-ansicolor (1.0.7)

PLATFORMS
  java

DEPENDENCIES
  jruby-openssl
  rspec-expectations
  ruby-debug-base
  ruby-debug-ide (~> 0.4.17.beta9)
  term-ansicolor
